PATH
  remote: .
  specs:
    petfinder (0.1.2)
      happymapper (~> 0.3.2)
      httparty (~> 0.8)

GEM
  remote: http://rubygems.org/
  specs:
    activesupport (3.2.7)
      i18n (~> 0.6)
      multi_json (~> 1.0)
    diff-lcs (1.1.2)
    fakeweb (1.2.8)
    happymapper (0.3.2)
      libxml-ruby (~> 1.1.3)
    httparty (0.8.3)
      multi_json (~> 1.0)
      multi_xml
    i18n (0.6.0)
    libxml-ruby (1.1.4)
    multi_json (1.3.6)
    multi_xml (0.5.1)
    rspec (2.0.0.beta.22)
      rspec-core (= 2.0.0.beta.22)
      rspec-expectations (= 2.0.0.beta.22)
      rspec-mocks (= 2.0.0.beta.22)
    rspec-core (2.0.0.beta.22)
    rspec-expectations (2.0.0.beta.22)
      diff-lcs (>= 1.1.2)
    rspec-mocks (2.0.0.beta.22)
      rspec-core (= 2.0.0.beta.22)
      rspec-expectations (= 2.0.0.beta.22)

PLATFORMS
  ruby

DEPENDENCIES
  activesupport (~> 3.0)
  bundler (>= 1.0.0)
  fakeweb (~> 1.2.5)
  petfinder!
  rspec (~> 2.0.pre)
